GIT
  remote: https://github.com/thomas07vt/tinypng.git
  revision: 0433b81e0801fd74aca448d8b3842806e42f6251
  specs:
    tinypng (0.0.2)
      httparty

GEM
  remote: https://rubygems.org/
  specs:
    addressable (2.4.0)
    coderay (1.1.1)
    colorator (0.1)
    concurrent-ruby (1.0.2)
    dotenv (2.1.1)
    execjs (2.7.0)
    extras (0.1.0)
      forwardable-extended (~> 2.5)
    fastimage (2.0.0)
      addressable (~> 2)
    ffi (1.9.10)
    forwardable-extended (2.6.0)
    httparty (0.13.7)
      json (~> 1.8)
      multi_xml (>= 0.5.2)
    jekyll (3.1.6)
      colorator (~> 0.1)
      jekyll-sass-converter (~> 1.0)
      jekyll-watch (~> 1.1)
      kramdown (~> 1.3)
      liquid (~> 3.0)
      mercenary (~> 0.3.3)
      rouge (~> 1.7)
      safe_yaml (~> 1.0)
    jekyll-assets (2.2.7)
      extras (~> 0.1)
      fastimage (~> 2.0, >= 1.8)
      jekyll (~> 3.1, >= 3.0)
      pathutil (>= 0.8)
      sprockets (~> 3.3)
    jekyll-sass-converter (1.4.0)
      sass (~> 3.4)
    jekyll-watch (1.4.0)
      listen (~> 3.0, < 3.1)
    json (1.8.3)
    kramdown (1.11.1)
    liquid (3.0.6)
    listen (3.0.8)
      rb-fsevent (~> 0.9, >= 0.9.4)
      rb-inotify (~> 0.9, >= 0.9.7)
    mercenary (0.3.6)
    method_source (0.8.2)
    mini_magick (4.5.1)
    multi_xml (0.5.5)
    pathutil (0.14.0)
      forwardable-extended (~> 2.6)
    pry (0.10.3)
      coderay (~> 1.1.0)
      method_source (~> 0.8.1)
      slop (~> 3.4)
    rack (1.6.4)
    rake (11.2.2)
    rb-fsevent (0.9.7)
    rb-inotify (0.9.7)
      ffi (>= 0.5.0)
    rouge (1.11.1)
    safe_yaml (1.0.4)
    sass (3.4.22)
    slop (3.6.0)
    sprockets (3.6.2)
      concurrent-ruby (~> 1.0)
      rack (> 1, < 3)
    uglifier (3.0.0)
      execjs (>= 0.3.0, < 3)

PLATFORMS
  ruby

DEPENDENCIES
  dotenv
  jekyll
  jekyll-assets
  mini_magick
  pry
  rake
  sass
  tinypng!
  uglifier
